GEM
  remote: https://rubygems.org/
  specs:
    base64 (0.2.0)
    coderay (1.1.3)
    diff-lcs (1.6.2)
    logger (1.7.0)
    method_source (1.1.0)
    mini_portile2 (2.8.9)
    nokogiri (1.18.8)
      mini_portile2 (~> 2.8.2)
      racc (~> 1.4)
    nokogiri (1.18.8-x86_64-linux-gnu)
      racc (~> 1.4)
    pry (0.15.2)
      coderay (~> 1.1)
      method_source (~> 1.0)
    racc (1.8.1)
    regexp_parser (2.10.0)
    rexml (3.4.1)
    rspec (3.13.0)
      rspec-core (~> 3.13.0)
      rspec-expectations (~> 3.13.0)
      rspec-mocks (~> 3.13.0)
    rspec-core (3.13.3)
      rspec-support (~> 3.13.0)
    rspec-expectations (3.13.4)
      diff-lcs (>= 1.2.0, < 2.0)
      rspec-support (~> 3.13.0)
    rspec-mocks (3.13.4)
      diff-lcs (>= 1.2.0, < 2.0)
      rspec-support (~> 3.13.0)
    rspec-support (3.13.3)
    rubyzip (2.4.1)
    selenium-webdriver (4.32.0)
      base64 (~> 0.2)
      logger (~> 1.4)
      rexml (~> 3.2, >= 3.2.5)
      rubyzip (>= 1.2.2, < 3.0)
      websocket (~> 1.0)
    watir (7.3.0)
      regexp_parser (>= 1.2, < 3)
      selenium-webdriver (~> 4.2)
    websocket (1.2.11)

PLATFORMS
  ruby
  x86_64-linux

DEPENDENCIES
  nokogiri
  pry
  rspec
  watir

RUBY VERSION
   ruby 3.4.2p28

BUNDLED WITH
   2.6.9
